GEM
  remote: https://rubygems.org/
  specs:
    curses (1.3.1)

PLATFORMS
  ruby

DEPENDENCIES
  curses

BUNDLED WITH
   1.16.1
